GEM
  remote: https://rubygems.org/
  specs:
    nio4r (2.5.7)
    puma (4.3.8)
      nio4r (~> 2.0)
    rack (2.0.6)

PLATFORMS
  ruby

DEPENDENCIES
  puma
  rack (>= 2.0.6)

BUNDLED WITH
   1.11.2
