GEM
  remote: https://rubygems.org/
  specs:
    puma (3.12.2)
    rack (2.0.6)

PLATFORMS
  ruby

DEPENDENCIES
  puma
  rack (>= 2.0.6)

BUNDLED WITH
   1.11.2
